GEM
  remote: https://rubygems.org/
  specs:
    asciidoctor (1.5.2)

PLATFORMS
  ruby
  x64-mingw32

DEPENDENCIES
  asciidoctor

BUNDLED WITH
   1.17.2
